PATH
  remote: .
  specs:
    parquet (0.5.6)
      rb_sys (~> 0.9.39)

GEM
  remote: https://rubygems.org/
  specs:
    bigdecimal (3.1.5)
    csv (3.3.2)
    minitest (5.25.4)
    rake (13.2.1)
    rake-compiler (1.2.9)
      rake
    rake-compiler-dock (1.9.1)
    rb_sys (0.9.110)
      rake-compiler-dock (= 1.9.1)

PLATFORMS
  arm64-darwin-23
  ruby

DEPENDENCIES
  bigdecimal
  csv
  minitest (~> 5.0)
  parquet!
  rake
  rake-compiler (~> 1.2.0)
  rb_sys (~> 0.9.56)

BUNDLED WITH
   2.5.11
