PATH
  remote: .
  specs:
    parquet (0.2.8)
      rb_sys (~> 0.9.39)

GEM
  remote: https://rubygems.org/
  specs:
    benchmark-ips (2.14.0)
    bigdecimal (3.1.9)
    duckdb (1.1.3.1)
      bigdecimal (>= 3.1.4)
    minitest (5.25.4)
    polars-df (0.16.0)
      bigdecimal
      rb_sys
    polars-df (0.16.0-arm64-darwin)
      bigdecimal
    rake (13.2.1)
    rake-compiler (1.2.0)
      rake
    rb_sys (0.9.104)

PLATFORMS
  arm64-darwin-23
  ruby

DEPENDENCIES
  benchmark-ips (~> 2.12)
  duckdb
  minitest (~> 5.0)
  parquet!
  polars-df
  rake
  rake-compiler (~> 1.2.0)
  rb_sys (~> 0.9.56)

BUNDLED WITH
   2.5.11
